PATH
  remote: gen
  specs:
    turnkey_sdk (0.0.1)
      json (~> 2.1, >= 2.1.0)
      typhoeus (~> 1.0, >= 1.0.1)

GEM
  specs:
    ethon (0.16.0)
      ffi (>= 1.15.0)
    ffi (1.16.3)
    json (2.5.1)
    typhoeus (1.4.1)
      ethon (>= 0.9.0)

PLATFORMS
  arm64-darwin-23

DEPENDENCIES
  turnkey_sdk!

BUNDLED WITH
   2.2.3
